GEM
  remote: https://rubygems.org/
  specs:
    dotenv (0.11.1)
      dotenv-deployment (~> 0.0.2)
    dotenv-deployment (0.0.2)
    dropbox-sdk (1.6.4)
      json
    evernote-thrift (1.25.1)
    evernote_oauth (0.2.3)
      evernote-thrift
      oauth (>= 0.4.1)
    github-markdown (0.6.6)
    json (1.8.1)
    oauth (0.4.7)

PLATFORMS
  ruby

DEPENDENCIES
  dotenv
  dropbox-sdk
  evernote_oauth
  github-markdown
