GEM
  remote: https://rubygems.org/
  specs:
    dotenv (0.11.1)
      dotenv-deployment (~> 0.0.2)
    dotenv-deployment (0.0.2)
    dropbox-sdk (1.6.4)
      json
    json (1.8.1)

PLATFORMS
  ruby

DEPENDENCIES
  dotenv
  dropbox-sdk
